PATH
  remote: ../../ruby/prism
  specs:
    prism (0.12.0)

PATH
  remote: .
  specs:
    syntax_tree-prism (0.1.0)
      prettier_print (>= 1.2.0)
      prism (>= 0.12.0)

GEM
  remote: https://rubygems.org/
  specs:
    prettier_print (1.2.1)

PLATFORMS
  arm64-darwin-22

DEPENDENCIES
  prism!
  syntax_tree-prism!

BUNDLED WITH
   2.4.13
