PATH
  remote: .
  specs:
    syntax_tree-yarp (0.1.0)
      prettier_print (>= 1.2.0)
      yarp (>= 0.12.0)

GEM
  remote: https://rubygems.org/
  specs:
    prettier_print (1.2.1)
    yarp (0.12.0)

PLATFORMS
  arm64-darwin-22

DEPENDENCIES
  syntax_tree-yarp!

BUNDLED WITH
   2.4.13
